GEM
  remote: https://rubygems.org/
  specs:
    addressable (2.7.0)
      public_suffix (>= 2.0.2, < 5.0)
    backports (3.15.0)
    builder (3.2.3)
    c21e (1.1.9)
    capybara (3.29.0)
      addressable
      mini_mime (>= 0.1.3)
      nokogiri (~> 1.8)
      rack (>= 1.6.0)
      rack-test (>= 0.6.3)
      regexp_parser (~> 1.5)
      xpath (~> 3.2)
    childprocess (1.0.1)
      rake (< 13.0)
    cliver (0.3.2)
    cucumber (4.0.0.rc.1)
      builder (>= 2.1.2)
      cucumber-core (~> 4.0)
      cucumber-expressions (~> 6.0, >= 6.0.1)
      cucumber-formatter-dots (~> 1.0)
      cucumber-wire (~> 1.0)
      diff-lcs (~> 1.3)
      gherkin (~> 6.0)
      multi_json (>= 1.7.5, < 2.0)
      multi_test (>= 0.1.2)
    cucumber-core (4.0.0)
      backports (>= 3.8.0)
      cucumber-tag_expressions (~> 1.1.0)
      gherkin (~> 6.0)
    cucumber-expressions (6.6.2)
    cucumber-formatter-dots (1.1.0)
      cucumber-messages
      os
    cucumber-messages (2.1.2)
      google-protobuf (>= 3.2, <= 3.7)
    cucumber-tag_expressions (1.1.1)
    cucumber-wire (1.0.0)
      cucumber-core (~> 4.0)
      cucumber-expressions (~> 6.0)
    diff-lcs (1.3)
    gherkin (6.0.17)
      c21e (~> 1.1.9)
      cucumber-messages (~> 2.1.2)
    google-protobuf (3.7.0-x64-mingw32)
    mini_mime (1.0.2)
    mini_portile2 (2.4.0)
    multi_json (1.13.1)
    multi_test (0.1.2)
    nokogiri (1.10.4-x64-mingw32)
      mini_portile2 (~> 2.4.0)
    os (1.0.1)
    poltergeist (1.18.1)
      capybara (>= 2.1, < 4)
      cliver (~> 0.3.1)
      websocket-driver (>= 0.2.0)
    public_suffix (4.0.1)
    rack (2.0.7)
    rack-test (1.1.0)
      rack (>= 1.0, < 3)
    rake (12.3.2)
    regexp_parser (1.6.0)
    rspec (3.8.0)
      rspec-core (~> 3.8.0)
      rspec-expectations (~> 3.8.0)
      rspec-mocks (~> 3.8.0)
    rspec-core (3.8.2)
      rspec-support (~> 3.8.0)
    rspec-expectations (3.8.4)
      diff-lcs (>= 1.2.0, < 2.0)
      rspec-support (~> 3.8.0)
    rspec-mocks (3.8.1)
      diff-lcs (>= 1.2.0, < 2.0)
      rspec-support (~> 3.8.0)
    rspec-support (3.8.2)
    rubyzip (1.2.3)
    selenium-webdriver (4.0.0.alpha3)
      childprocess (>= 0.5, < 2.0)
      rubyzip (~> 1.2, >= 1.2.2)
    websocket-driver (0.7.1)
      websocket-extensions (>= 0.1.0)
    websocket-extensions (0.1.4)
    xpath (3.2.0)
      nokogiri (~> 1.8)

PLATFORMS
  x64-mingw32

DEPENDENCIES
  capybara
  cucumber
  poltergeist
  rspec
  selenium-webdriver

BUNDLED WITH
   1.17.2
